GEM
  remote: https://rubygems.org/
  specs:
    actioncable (7.1.3)
      actionpack (= 7.1.3)
      activesupport (= 7.1.3)
      nio4r (~> 2.0)
      websocket-driver (>= 0.6.1)
      zeitwerk (~> 2.6)
    actionmailbox (7.1.3)
      actionpack (= 7.1.3)
      activejob (= 7.1.3)
      activerecord (= 7.1.3)
      activestorage (= 7.1.3)
      activesupport (= 7.1.3)
      mail (>= 2.7.1)
      net-imap
      net-pop
      net-smtp
    actionmailer (7.1.3)
      actionpack (= 7.1.3)
      actionview (= 7.1.3)
      activejob (= 7.1.3)
      activesupport (= 7.1.3)
      mail (~> 2.5, >= 2.5.4)
      net-imap
      net-pop
      net-smtp
      rails-dom-testing (~> 2.2)
    actionpack (7.1.3)
      actionview (= 7.1.3)
      activesupport (= 7.1.3)
      nokogiri (>= 1.8.5)
      racc
      rack (>= 2.2.4)
      rack-session (>= 1.0.1)
      rack-test (>= 0.6.3)
      rails-dom-testing (~> 2.2)
      rails-html-sanitizer (~> 1.6)
    actiontext (7.1.3)
      actionpack (= 7.1.3)
      activerecord (= 7.1.3)
      activestorage (= 7.1.3)
      activesupport (= 7.1.3)
      globalid (>= 0.6.0)
      nokogiri (>= 1.8.5)
    actionview (7.1.3)
      activesupport (= 7.1.3)
      builder (~> 3.1)
      erubi (~> 1.11)
      rails-dom-testing (~> 2.2)
      rails-html-sanitizer (~> 1.6)
    activejob (7.1.3)
      activesupport (= 7.1.3)
      globalid (>= 0.3.6)
    activemodel (7.1.3)
      activesupport (= 7.1.3)
    activerecord (7.1.3)
      activemodel (= 7.1.3)
      activesupport (= 7.1.3)
      timeout (>= 0.4.0)
    activestorage (7.1.3)
      actionpack (= 7.1.3)
      activejob (= 7.1.3)
      activerecord (= 7.1.3)
      activesupport (= 7.1.3)
      marcel (~> 1.0)
    activesupport (7.1.3)
      base64
      bigdecimal
      concurrent-ruby (~> 1.0, >= 1.0.2)
      connection_pool (>= 2.2.5)
      drb
      i18n (>= 1.6, < 2)
      minitest (>= 5.1)
      mutex_m
      tzinfo (~> 2.0)
    addressable (2.8.6)
      public_suffix (>= 2.0.2, < 6.0)
    aws-eventstream (1.3.0)
    aws-partitions (1.914.0)
    aws-sdk-core (3.192.0)
      aws-eventstream (~> 1, >= 1.3.0)
      aws-partitions (~> 1, >= 1.651.0)
      aws-sigv4 (~> 1.8)
      jmespath (~> 1, >= 1.6.1)
    aws-sdk-kms (1.79.0)
      aws-sdk-core (~> 3, >= 3.191.0)
      aws-sigv4 (~> 1.1)
    aws-sdk-s3 (1.147.0)
      aws-sdk-core (~> 3, >= 3.192.0)
      aws-sdk-kms (~> 1)
      aws-sigv4 (~> 1.8)
    aws-sigv4 (1.8.0)
      aws-eventstream (~> 1, >= 1.0.2)
    base64 (0.2.0)
    bcrypt (3.1.20)
    bigdecimal (3.1.6)
    bindex (0.8.1)
    bootsnap (1.18.3)
      msgpack (~> 1.2)
    builder (3.2.4)
    byebug (11.1.3)
    capybara (3.40.0)
      addressable
      matrix
      mini_mime (>= 0.1.3)
      nokogiri (~> 1.11)
      rack (>= 1.6.0)
      rack-test (>= 0.6.3)
      regexp_parser (>= 1.5, < 3.0)
      xpath (~> 3.2)
    carrierwave (2.2.5)
      activemodel (>= 5.0.0)
      activesupport (>= 5.0.0)
      addressable (~> 2.6)
      image_processing (~> 1.1)
      marcel (~> 1.0.0)
      mini_mime (>= 0.1.3)
      ssrf_filter (~> 1.0)
    coderay (1.1.3)
    concurrent-ruby (1.2.3)
    config (5.4.0)
      deep_merge (~> 1.2, >= 1.2.1)
    connection_pool (2.4.1)
    crass (1.0.6)
    cssbundling-rails (1.4.0)
      railties (>= 6.0.0)
    date (3.3.4)
    debug (1.9.1)
      irb (~> 1.10)
      reline (>= 0.3.8)
    deep_merge (1.2.2)
    dockerfile-rails (1.6.5)
      rails (>= 3.0.0)
    dotenv (3.0.2)
    dotenv-rails (3.0.2)
      dotenv (= 3.0.2)
      railties (>= 6.1)
    drb (2.2.0)
      ruby2_keywords
    erubi (1.12.0)
    excon (0.110.0)
    faker (3.2.3)
      i18n (>= 1.8.11, < 2)
    faraday (2.9.0)
      faraday-net_http (>= 2.0, < 3.2)
    faraday-net_http (3.1.0)
      net-http
    ffi (1.16.3)
    fog-aws (3.22.0)
      fog-core (~> 2.1)
      fog-json (~> 1.1)
      fog-xml (~> 0.1)
    fog-core (2.4.0)
      builder
      excon (~> 0.71)
      formatador (>= 0.2, < 2.0)
      mime-types
    fog-json (1.2.0)
      fog-core
      multi_json (~> 1.10)
    fog-xml (0.1.4)
      fog-core
      nokogiri (>= 1.5.11, < 2.0.0)
    formatador (1.1.0)
    geocoder (1.8.2)
    globalid (1.2.1)
      activesupport (>= 6.1)
    google_places (2.0.0)
      httparty (>= 0.13.1)
    hashie (5.0.0)
    httparty (0.21.0)
      mini_mime (>= 1.0.0)
      multi_xml (>= 0.5.2)
    i18n (1.14.1)
      concurrent-ruby (~> 1.0)
    image_processing (1.12.2)
      mini_magick (>= 4.9.5, < 5)
      ruby-vips (>= 2.0.17, < 3)
    io-console (0.7.2)
    irb (1.11.2)
      rdoc
      reline (>= 0.4.2)
    jbuilder (2.11.5)
      actionview (>= 5.0.0)
      activesupport (>= 5.0.0)
    jmespath (1.6.2)
    jsbundling-rails (1.3.0)
      railties (>= 6.0.0)
    jwt (2.8.0)
      base64
    kaminari (1.2.2)
      activesupport (>= 4.1.0)
      kaminari-actionview (= 1.2.2)
      kaminari-activerecord (= 1.2.2)
      kaminari-core (= 1.2.2)
    kaminari-actionview (1.2.2)
      actionview
      kaminari-core (= 1.2.2)
    kaminari-activerecord (1.2.2)
      activerecord
      kaminari-core (= 1.2.2)
    kaminari-core (1.2.2)
    launchy (2.5.2)
      addressable (~> 2.8)
    letter_opener (1.9.0)
      launchy (>= 2.2, < 3)
    letter_opener_web (2.0.0)
      actionmailer (>= 5.2)
      letter_opener (~> 1.7)
      railties (>= 5.2)
      rexml
    loofah (2.22.0)
      crass (~> 1.0.2)
      nokogiri (>= 1.12.0)
    mail (2.8.1)
      mini_mime (>= 0.1.1)
      net-imap
      net-pop
      net-smtp
    marcel (1.0.2)
    matrix (0.4.2)
    meta-tags (2.21.0)
      actionpack (>= 6.0.0, < 7.2)
    method_source (1.1.0)
    mime-types (3.5.2)
      mime-types-data (~> 3.2015)
    mime-types-data (3.2024.0305)
    mini_magick (4.12.0)
    mini_mime (1.1.5)
    minitest (5.22.2)
    msgpack (1.7.2)
    multi_json (1.15.0)
    multi_xml (0.6.0)
    mutex_m (0.2.0)
    net-http (0.4.1)
      uri
    net-imap (0.4.10)
      date
      net-protocol
    net-pop (0.1.2)
      net-protocol
    net-protocol (0.2.2)
      timeout
    net-smtp (0.4.0.1)
      net-protocol
    nio4r (2.7.0)
    nokogiri (1.16.2-x86_64-darwin)
      racc (~> 1.4)
    nokogiri (1.16.2-x86_64-linux)
      racc (~> 1.4)
    oauth (1.1.0)
      oauth-tty (~> 1.0, >= 1.0.1)
      snaky_hash (~> 2.0)
      version_gem (~> 1.1)
    oauth-tty (1.0.5)
      version_gem (~> 1.1, >= 1.1.1)
    oauth2 (2.0.9)
      faraday (>= 0.17.3, < 3.0)
      jwt (>= 1.0, < 3.0)
      multi_xml (~> 0.5)
      rack (>= 1.2, < 4)
      snaky_hash (~> 2.0)
      version_gem (~> 1.1)
    pg (1.5.5)
    pry (0.14.2)
      coderay (~> 1.1)
      method_source (~> 1.0)
    pry-byebug (3.10.1)
      byebug (~> 11.0)
      pry (>= 0.13, < 0.15)
    psych (5.1.2)
      stringio
    public_suffix (5.0.4)
    puma (6.4.2)
      nio4r (~> 2.0)
    racc (1.7.3)
    rack (3.0.9)
    rack-session (2.0.0)
      rack (>= 3.0.0)
    rack-test (2.1.0)
      rack (>= 1.3)
    rackup (2.1.0)
      rack (>= 3)
      webrick (~> 1.8)
    rails (7.1.3)
      actioncable (= 7.1.3)
      actionmailbox (= 7.1.3)
      actionmailer (= 7.1.3)
      actionpack (= 7.1.3)
      actiontext (= 7.1.3)
      actionview (= 7.1.3)
      activejob (= 7.1.3)
      activemodel (= 7.1.3)
      activerecord (= 7.1.3)
      activestorage (= 7.1.3)
      activesupport (= 7.1.3)
      bundler (>= 1.15.0)
      railties (= 7.1.3)
    rails-dom-testing (2.2.0)
      activesupport (>= 5.0.0)
      minitest
      nokogiri (>= 1.6)
    rails-html-sanitizer (1.6.0)
      loofah (~> 2.21)
      nokogiri (~> 1.14)
    rails-i18n (7.0.8)
      i18n (>= 0.7, < 2)
      railties (>= 6.0.0, < 8)
    railties (7.1.3)
      actionpack (= 7.1.3)
      activesupport (= 7.1.3)
      irb
      rackup (>= 1.0.0)
      rake (>= 12.2)
      thor (~> 1.0, >= 1.2.2)
      zeitwerk (~> 2.6)
    rake (13.1.0)
    ransack (4.1.1)
      activerecord (>= 6.1.5)
      activesupport (>= 6.1.5)
      i18n
    rdoc (6.6.2)
      psych (>= 4.0.0)
    regexp_parser (2.9.0)
    reline (0.4.2)
      io-console (~> 0.5)
    rexml (3.2.6)
    ruby-vips (2.2.1)
      ffi (~> 1.12)
    ruby2_keywords (0.0.5)
    rubyzip (2.3.2)
    selenium-webdriver (4.17.0)
      base64 (~> 0.2)
      rexml (~> 3.2, >= 3.2.5)
      rubyzip (>= 1.2.2, < 3.0)
      websocket (~> 1.0)
    snaky_hash (2.0.1)
      hashie
      version_gem (~> 1.1, >= 1.1.1)
    sorcery (0.16.5)
      bcrypt (~> 3.1)
      oauth (>= 0.6)
      oauth2 (~> 2.0)
    sprockets (4.2.1)
      concurrent-ruby (~> 1.0)
      rack (>= 2.2.4, < 4)
    sprockets-rails (3.4.2)
      actionpack (>= 5.2)
      activesupport (>= 5.2)
      sprockets (>= 3.0.0)
    ssrf_filter (1.1.2)
    stimulus-rails (1.3.3)
      railties (>= 6.0.0)
    stringio (3.1.0)
    thor (1.3.0)
    timeout (0.4.1)
    turbo-rails (2.0.3)
      actionpack (>= 6.0.0)
      activejob (>= 6.0.0)
      railties (>= 6.0.0)
    tzinfo (2.0.6)
      concurrent-ruby (~> 1.0)
    uri (0.13.0)
    version_gem (1.1.3)
    web-console (4.2.1)
      actionview (>= 6.0.0)
      activemodel (>= 6.0.0)
      bindex (>= 0.4.0)
      railties (>= 6.0.0)
    webrick (1.8.1)
    websocket (1.2.10)
    websocket-driver (0.7.6)
      websocket-extensions (>= 0.1.0)
    websocket-extensions (0.1.5)
    xpath (3.2.0)
      nokogiri (~> 1.8)
    zeitwerk (2.6.13)

PLATFORMS
  x86_64-darwin-21
  x86_64-linux

DEPENDENCIES
  aws-sdk-s3
  bootsnap
  capybara
  carrierwave (~> 2.0)
  config
  cssbundling-rails
  debug
  dockerfile-rails (>= 1.6)
  dotenv-rails
  faker
  fog-aws
  geocoder
  google_places
  jbuilder
  jsbundling-rails
  kaminari
  letter_opener_web
  meta-tags
  pg (~> 1.1)
  pry-byebug
  puma (>= 5.0)
  rails (~> 7.1.3)
  rails-i18n
  ransack
  selenium-webdriver
  sorcery
  sprockets-rails
  stimulus-rails
  turbo-rails
  tzinfo-data
  web-console

RUBY VERSION
   ruby 3.2.2p53

BUNDLED WITH
   2.5.6
